GIT
  remote: https://github.com/wildfiler/sql-parser.git
  revision: 43ce8496d6afaf6acd7c11e8e9483ff8c4f64857
  branch: multi_values_insert
  specs:
    sql-parser (0.26.0)
      racc

GEM
  remote: https://rubygems.org/
  specs:
    bcrypt (3.1.16)
    coderay (1.1.3)
    concurrent-ruby (1.1.9)
    faker (2.19.0)
      i18n (>= 1.6, < 2)
    i18n (1.8.10)
      concurrent-ruby (~> 1.0)
    method_source (1.0.0)
    pry (0.14.1)
      coderay (~> 1.1)
      method_source (~> 1.0)
    racc (1.5.2)

PLATFORMS
  ruby

DEPENDENCIES
  bcrypt
  faker
  method_source
  pry
  sql-parser!

BUNDLED WITH
   2.1.4
