GIT
  remote: https://github.com/wildfiler/sql-parser.git
  revision: 5c6ad565a07f5b0d696c54135fd96eecfce379fe
  branch: multi_values_insert
  specs:
    sql-parser (0.26.0)
      racc

GEM
  remote: https://rubygems.org/
  specs:
    bcrypt (3.1.16)
    racc (1.5.2)

PLATFORMS
  ruby

DEPENDENCIES
  bcrypt
  sql-parser!

BUNDLED WITH
   2.1.4
