GIT
  remote: https://github.com/wildfiler/sql-parser.git
  revision: 43ce8496d6afaf6acd7c11e8e9483ff8c4f64857
  branch: multi_values_insert
  specs:
    sql-parser (0.26.0)
      racc

GEM
  remote: https://rubygems.org/
  specs:
    bcrypt (3.1.16)
    racc (1.5.2)

PLATFORMS
  ruby

DEPENDENCIES
  bcrypt
  sql-parser!

BUNDLED WITH
   2.1.4
